GEM
  specs:
    gosu (0.11.1)
    gosu_texture_packer (0.1.6)
      gosu
      json
    json (1.8.1)

PLATFORMS
  ruby

DEPENDENCIES
  gosu_texture_packer

BUNDLED WITH
   1.14.3
